GIT
  remote: https://github.com/wlalang003/rb-sys.git
  revision: 8e855d62ab06d0fda52f4cdff7a9b1cc15525d18
  ref: 8e855d62ab06d0fda52f4cdff7a9b1cc15525d18
  specs:
    rb_sys (0.9.68)
      regexp-match-polyfill (~> 1.0, >= 1.0.2)

PATH
  remote: .
  specs:
    tiktoken_ruby (0.0.6)
      regexp-match-polyfill (~> 1.0, >= 1.0.2)

GEM
  remote: https://rubygems.org/
  specs:
    ast (2.4.2)
    diff-lcs (1.5.1)
    jaro_winkler (1.5.6)
    minitest (5.15.0)
    parallel (1.19.2)
    parser (3.3.2.0)
      ast (~> 2.4.1)
      racc
    racc (1.5.2)
    rainbow (3.1.1)
    rake (13.2.1)
    rake-compiler (1.2.7)
      rake
    regexp-match-polyfill (1.0.2)
    rexml (3.2.5)
    rspec (3.13.0)
      rspec-core (~> 3.13.0)
      rspec-expectations (~> 3.13.0)
      rspec-mocks (~> 3.13.0)
    rspec-core (3.13.0)
      rspec-support (~> 3.13.0)
    rspec-expectations (3.13.0)
      diff-lcs (>= 1.2.0, < 2.0)
      rspec-support (~> 3.13.0)
    rspec-mocks (3.13.1)
      diff-lcs (>= 1.2.0, < 2.0)
      rspec-support (~> 3.13.0)
    rspec-support (3.13.1)
    rubocop (0.80.1)
      jaro_winkler (~> 1.5.1)
      parallel (~> 1.10)
      parser (>= 2.7.0.1)
      rainbow (>= 2.2.2, < 4.0)
      rexml
      ruby-progressbar (~> 1.7)
      unicode-display_width (>= 1.4.0, < 1.7)
    rubocop-performance (1.5.2)
      rubocop (>= 0.71.0)
    ruby-progressbar (1.13.0)
    standard (0.2.5)
      rubocop (~> 0.80.1)
      rubocop-performance (~> 1.5.2)
    unicode-display_width (1.6.1)
    yard (0.9.36)
    yard-doctest (0.1.17)
      minitest
      yard

PLATFORMS
  ruby

DEPENDENCIES
  rake (~> 13.0)
  rake-compiler
  rb_sys!
  rspec (~> 3.0)
  standard
  tiktoken_ruby!
  yard-doctest (~> 0.1.17)

BUNDLED WITH
   1.17.3
